GEM
  remote: https://rubygems.org/
  specs:
    activesupport (3.2.22.5)
      i18n (~> 0.6, >= 0.6.4)
      multi_json (~> 1.0)
    backports (3.17.1)
    erebus (0.1.1)
      activesupport (~> 3.2.11)
      i18n (~> 0.6.1)
      multi_json (~> 1.5.0)
      rubyzip (~> 0.9.9)
      thor (~> 0.17.0)
    i18n (0.6.11)
    multi_json (1.5.1)
    rack (1.6.13)
    rack-protection (1.5.5)
      rack
    rack-test (1.1.0)
      rack (>= 1.0, < 3)
    rubyzip (0.9.9)
    sinatra (1.4.8)
      rack (~> 1.5)
      rack-protection (~> 1.4)
      tilt (>= 1.3, < 3)
    sinatra-contrib (1.4.7)
      backports (>= 2.0)
      multi_json
      rack-protection
      rack-test
      sinatra (~> 1.4.0)
      tilt (>= 1.3, < 3)
    thor (0.17.0)
    tilt (2.0.10)

PLATFORMS
  ruby

DEPENDENCIES
  erebus
  sinatra (~> 1.4.7)
  sinatra-contrib

BUNDLED WITH
   2.1.4
